GEM
  remote: https://rubygems.org/
  specs:
    commander (4.1.5)
      highline (~> 1.6.11)
    excon (0.29.0)
    highline (1.6.20)
    json (1.8.1)
    netrc (0.7.7)

PLATFORMS
  ruby

DEPENDENCIES
  commander
  excon
  json
  netrc
