GEM
  remote: https://rubygems.org/
  specs:
    activesupport (4.0.1)
      i18n (~> 0.6, >= 0.6.4)
      minitest (~> 4.2)
      multi_json (~> 1.3)
      thread_safe (~> 0.1)
      tzinfo (~> 0.3.37)
    atomic (1.1.14)
    commander (4.1.5)
      highline (~> 1.6.11)
    excon (0.29.0)
    highline (1.6.20)
    i18n (0.6.5)
    json (1.8.1)
    mime-types (2.0)
    minitest (4.7.5)
    multi_json (1.8.2)
    netrc (0.7.7)
    rabl (0.9.2)
      activesupport (>= 2.3.14)
    rest-client (1.6.7)
      mime-types (>= 1.16)
    thread_safe (0.1.3)
      atomic
    tzinfo (0.3.38)

PLATFORMS
  ruby

DEPENDENCIES
  commander
  excon
  json
  netrc
  rabl
  rest-client
